GEM
  remote: https://rubygems.org/
  specs:
    httparty (0.11.0)
      multi_json (~> 1.0)
      multi_xml (>= 0.5.2)
    json (1.8.1)
    multi_json (1.9.2)
    multi_xml (0.5.5)
    rapgenius (1.0.3)
      httparty (~> 0.11.0)

PLATFORMS
  ruby

DEPENDENCIES
  json
  rapgenius (~> 1.0.2)
